GEM
  remote: https://rubygems.org/
  specs:
    awesome_print (1.8.0)
    binding_of_caller (0.8.0)
      debug_inspector (>= 0.0.1)
    byebug (11.0.1)
    coderay (1.1.2)
    debug_inspector (0.0.3)
    method_source (0.9.2)
    pry (0.12.2)
      coderay (~> 1.1.0)
      method_source (~> 0.9.0)
    pry-byebug (3.7.0)
      byebug (~> 11.0)
      pry (~> 0.10)
    pry-stack_explorer (0.4.9.3)
      binding_of_caller (>= 0.7)
      pry (>= 0.9.11)
    tapp (1.5.1)
      thor
    thor (0.20.3)

PLATFORMS
  ruby

DEPENDENCIES
  awesome_print
  pry-byebug
  pry-stack_explorer
  tapp

BUNDLED WITH
   1.17.3
